GEM
  remote: https://rubygems.org/
  specs:
    addressable (2.3.6)
    backports (3.6.3)
    coveralls (0.7.1)
      multi_json (~> 1.3)
      rest-client
      simplecov (>= 0.7)
      term-ansicolor
      thor
    dalli (2.7.2)
    debugger-ruby_core_source (1.3.5)
    diff-lcs (1.2.5)
    docile (1.1.5)
    faraday (0.9.0)
      multipart-post (>= 1.2, < 3)
    json-schema (2.2.5)
    memcache_mock (0.0.14)
    mime-types (2.4.1)
    multi_json (1.10.1)
    multipart-post (2.0.0)
    netrc (0.7.7)
    octokit (3.4.0)
      sawyer (~> 0.5.3)
    rack (1.5.2)
    rack-lineprof (0.0.3)
      rack (~> 1.5)
      rblineprof (~> 0.3.6)
      term-ansicolor (~> 1.3)
    rack-protection (1.5.3)
      rack
    rack-test (0.6.2)
      rack (>= 1.0)
    rblineprof (0.3.6)
      debugger-ruby_core_source (~> 1.3)
    rest-client (1.7.2)
      mime-types (>= 1.16, < 3.0)
      netrc (~> 0.7)
    rspec (3.1.0)
      rspec-core (~> 3.1.0)
      rspec-expectations (~> 3.1.0)
      rspec-mocks (~> 3.1.0)
    rspec-core (3.1.7)
      rspec-support (~> 3.1.0)
    rspec-expectations (3.1.2)
      diff-lcs (>= 1.2.0, < 2.0)
      rspec-support (~> 3.1.0)
    rspec-mocks (3.1.3)
      rspec-support (~> 3.1.0)
    rspec-request_describer (0.0.3)
    rspec-support (3.1.2)
    sawyer (0.5.5)
      addressable (~> 2.3.5)
      faraday (~> 0.8, < 0.10)
    simplecov (0.9.1)
      docile (~> 1.1.0)
      multi_json (~> 1.0)
      simplecov-html (~> 0.8.0)
    simplecov-html (0.8.0)
    sinatra (1.4.5)
      rack (~> 1.4)
      rack-protection (~> 1.4)
      tilt (~> 1.3, >= 1.3.4)
    sinatra-contrib (1.4.2)
      backports (>= 2.0)
      multi_json
      rack-protection
      rack-test
      sinatra (~> 1.4.0)
      tilt (~> 1.3)
    slim (2.1.0)
      temple (~> 0.6.9)
      tilt (>= 1.3.3, < 2.1)
    temple (0.6.9)
    term-ansicolor (1.3.0)
      tins (~> 1.0)
    thor (0.19.1)
    tilt (1.4.1)
    tins (1.3.3)

PLATFORMS
  ruby

DEPENDENCIES
  coveralls
  dalli
  json-schema
  memcache_mock
  octokit
  rack-lineprof
  rack-test
  rspec
  rspec-request_describer
  sinatra
  sinatra-contrib
  slim
